GIT
  remote: git://github.com/erwin/ruote-mongodb.git
  revision: 4d85d2b48e526eb2ba23fc5de1b859f672564297
  specs:
    erwin-ruote-mongodb (0.1.0)
      bson (>= 1.1.1)
      bson_ext (>= 1.1.1)
      mongo (>= 1.1.1)

GIT
  remote: git://github.com/kristianmandrup/acts_as_list_mongoid.git
  revision: 6ea653bc35000465b7888704b06b1dbc96ee7d0b
  specs:
    acts_as_list_mongoid (0.2.2)
      mongoid (>= 2.0.0.beta.14)
      mongoid_embedded_helper (>= 0.2.5)

GIT
  remote: git://github.com/kristianmandrup/mongoid_adjust.git
  revision: fdca9562caa74e3030aa31d822af515c4dc9d4a9
  specs:
    mongoid_adjust (0.1.1)
      bson (>= 1.0.3)
      mongoid (>= 2.0.0.beta.14)

GIT
  remote: git://github.com/kristianmandrup/mongoid_embedded_helper.git
  revision: 9221217dc4e99cd668450b95856e7678c5977862
  specs:
    mongoid_embedded_helper (0.3.0)
      bson_ext (>= 1.0.1)
      bson_ext (>= 1.0.8)
      mongoid (>= 2.0.0.beta.14)
      mongoid (>= 2.0.0.beta.18)
      mongoid_adjust (>= 0.1.1)
      mongoid_adjust (>= 0.1.1)

GEM
  remote: http://rubygems.org/
  specs:
    abstract (1.0.0)
    actionmailer (3.0.9)
      actionpack (= 3.0.9)
      mail (~> 2.2.19)
    actionpack (3.0.9)
      activemodel (= 3.0.9)
      activesupport (= 3.0.9)
      builder (~> 2.1.2)
      erubis (~> 2.6.6)
      i18n (~> 0.5.0)
      rack (~> 1.2.1)
      rack-mount (~> 0.6.14)
      rack-test (~> 0.5.7)
      tzinfo (~> 0.3.23)
    activemodel (3.0.9)
      activesupport (= 3.0.9)
      builder (~> 2.1.2)
      i18n (~> 0.5.0)
    activerecord (3.0.9)
      activemodel (= 3.0.9)
      activesupport (= 3.0.9)
      arel (~> 2.0.10)
      tzinfo (~> 0.3.23)
    activeresource (3.0.9)
      activemodel (= 3.0.9)
      activesupport (= 3.0.9)
    activesupport (3.0.9)
    archive-tar-minitar (0.5.2)
    arel (2.0.10)
    bson (1.3.1)
    bson_ext (1.3.1)
    builder (2.1.2)
    bulk_api (0.0.3)
      rails (~> 3.0)
      sproutcore
    chunky_png (1.1.2)
    columnize (0.3.3)
    compass (0.10.6)
      haml (>= 3.0.4)
    daemons (1.1.4)
    diff-lcs (1.1.2)
    erubis (2.6.6)
      abstract (>= 1.0.0)
    eventmachine (0.12.10)
    extlib (0.9.15)
    file-tail (1.0.5)
      spruz (>= 0.1.0)
    haml (3.0.25)
    i18n (0.5.0)
    infinity_test (1.0.3)
      notifiers (>= 1.1.0)
      watchr (>= 0.7)
    json_pure (1.4.6)
    linecache19 (0.5.12)
      ruby_core_source (>= 0.1.4)
    mail (2.2.19)
      activesupport (>= 2.3.6)
      i18n (>= 0.4.0)
      mime-types (~> 1.16)
      treetop (~> 1.4.8)
    mime-types (1.16)
    mongo (1.3.1)
      bson (>= 1.3.1)
    mongoid (2.0.2)
      activemodel (~> 3.0)
      mongo (~> 1.3)
      tzinfo (~> 0.3.22)
    notifiers (1.1.0)
    polyglot (0.3.1)
    rack (1.2.3)
    rack-mount (0.6.14)
      rack (>= 1.0.0)
    rack-test (0.5.7)
      rack (>= 1.0)
    rails (3.0.9)
      actionmailer (= 3.0.9)
      actionpack (= 3.0.9)
      activerecord (= 3.0.9)
      activeresource (= 3.0.9)
      activesupport (= 3.0.9)
      bundler (~> 1.0)
      railties (= 3.0.9)
    railties (3.0.9)
      actionpack (= 3.0.9)
      activesupport (= 3.0.9)
      rake (>= 0.8.7)
      rdoc (~> 3.4)
      thor (~> 0.14.4)
    rake (0.9.2)
    rdoc (3.6.1)
    rspec (2.5.0)
      rspec-core (~> 2.5.0)
      rspec-expectations (~> 2.5.0)
      rspec-mocks (~> 2.5.0)
    rspec-core (2.5.2)
    rspec-expectations (2.5.0)
      diff-lcs (~> 1.1.2)
    rspec-mocks (2.5.0)
    rspec-rails (2.5.0)
      actionpack (~> 3.0)
      activesupport (~> 3.0)
      railties (~> 3.0)
      rspec (~> 2.5.0)
    ruby-debug-base19 (0.11.25)
      columnize (>= 0.3.1)
      linecache19 (>= 0.5.11)
      ruby_core_source (>= 0.1.4)
    ruby-debug19 (0.11.6)
      columnize (>= 0.3.1)
      linecache19 (>= 0.5.11)
      ruby-debug-base19 (>= 0.11.19)
    ruby2ruby (1.2.5)
      ruby_parser (~> 2.0)
      sexp_processor (~> 3.0)
    ruby_core_source (0.1.5)
      archive-tar-minitar (>= 0.5.2)
    ruby_parser (2.0.6)
      sexp_processor (~> 3.0)
    rufus-cloche (1.0.1)
      rufus-json (>= 0.2.7)
    rufus-dollar (1.0.4)
    rufus-json (1.0.1)
    rufus-mnemo (1.2.0)
    rufus-scheduler (2.0.9)
      tzinfo (>= 0.3.23)
    rufus-treechecker (1.0.6)
      ruby_parser (>= 2.0.5)
    ruote (2.2.0)
      rufus-cloche (>= 0.1.20)
      rufus-dollar (>= 1.0.4)
      rufus-json (>= 0.2.5)
      rufus-mnemo (>= 1.1.0)
      rufus-scheduler (>= 2.0.8)
      rufus-treechecker (>= 1.0.4)
      sourcify (= 0.4.2)
    ruote-kit (2.2.0.3)
      haml (= 3.0.25)
      rufus-json (>= 0.2.5)
      ruote (>= 2.2.0)
      sinatra (= 1.0)
      sinatra-respond_to (= 0.5.0)
    sexp_processor (3.0.5)
    sinatra (1.0)
      rack (>= 1.0)
    sinatra-respond_to (0.5.0)
      sinatra (~> 1.0)
    sourcify (0.4.2)
      file-tail (>= 1.0.5)
      ruby2ruby (>= 1.2.5)
      sexp_processor (>= 3.0.5)
    sproutcore (1.5.0)
      chunky_png (~> 1.1.0)
      compass (~> 0.10.5)
      erubis (~> 2.6.6)
      eventmachine (>= 0.12.10)
      extlib (~> 0.9.15)
      haml (~> 3.0.24)
      json_pure (~> 1.4.6)
      rack (~> 1.2.1)
      thin (= 1.2.8)
      thor (~> 0.14.3)
    spruz (0.2.7)
    sqlite3 (1.3.3)
    thin (1.2.8)
      daemons (>= 1.0.9)
      eventmachine (>= 0.12.6)
      rack (>= 1.0.0)
    thor (0.14.6)
    treetop (1.4.9)
      polyglot (>= 0.3.1)
    tzinfo (0.3.28)
    watchr (0.7)

PLATFORMS
  ruby

DEPENDENCIES
  acts_as_list_mongoid!
  bson_ext
  bulk_api
  erwin-ruote-mongodb!
  infinity_test
  mongoid (~> 2.0.0)
  mongoid_adjust!
  mongoid_embedded_helper!
  rails (= 3.0.9)
  rspec-rails (~> 2.5.0)
  ruby-debug19
  ruote (>= 2.2.0)
  ruote-kit (>= 2.2.0)
  sqlite3
